GEM
  remote: http://rubygems.org/
  specs:
    actionmailer (2.3.4)
      actionpack (= 2.3.4)
    actionpack (2.3.4)
      activesupport (= 2.3.4)
      rack (~> 1.0.0)
    activerecord (2.3.4)
      activesupport (= 2.3.4)
    activeresource (2.3.4)
      activesupport (= 2.3.4)
    activesupport (2.3.4)
    arrayfields (4.7.4)
    authlogic (2.1.6)
      activesupport
    aws-s3 (0.6.2)
      builder
      mime-types
      xml-simple
    bj (1.0.1)
      main (>= 2.6.0)
      orderedhash (>= 0.0.3)
      systemu (>= 1.2.0)
    builder (3.0.0)
    calendar_date_select (1.16.2)
    desert (0.5.4)
    fattr (2.2.0)
    haml (3.0.25)
    hpricot (0.8.4)
    htmlentities (4.3.0)
    main (4.4.0)
      arrayfields (>= 4.7.4)
      fattr (>= 2.1.0)
    mime-types (1.16)
    orderedhash (0.0.6)
    rack (1.0.1)
    rails (2.3.4)
      actionmailer (= 2.3.4)
      actionpack (= 2.3.4)
      activerecord (= 2.3.4)
      activeresource (= 2.3.4)
      activesupport (= 2.3.4)
      rake (>= 0.8.3)
    rake (0.8.7)
    ri_cal (0.8.8)
    rmagick (2.13.1)
    searchlogic (2.4.28)
      activerecord (>= 2.0.0)
    sqlite3 (1.3.3)
    sqlite3-ruby (1.3.3)
      sqlite3 (>= 1.3.3)
    systemu (2.2.0)
    xml-simple (1.0.15)

PLATFORMS
  ruby

DEPENDENCIES
  authlogic
  aws-s3
  bj
  calendar_date_select
  desert
  haml
  hpricot
  htmlentities
  rails (= 2.3.4)
  ri_cal
  rmagick
  searchlogic
  sqlite3-ruby
